FRAMEWORK: NET45
NUGET
  remote: http://api.nuget.org/v3/index.json
    Microsoft.CodeAnalysis.Common (1.3.2)
    Microsoft.CodeAnalysis.CSharp (1.3.2)
      Microsoft.CodeAnalysis.Common (1.3.2)
    Microsoft.CodeAnalysis.CSharp.Workspaces (1.3.2)
      Microsoft.CodeAnalysis.CSharp (1.3.2)
      Microsoft.CodeAnalysis.Workspaces.Common (1.3.2)
    Microsoft.CodeAnalysis.Workspaces.Common (1.3.2)
      Microsoft.CodeAnalysis.Common (1.3.2)
      Microsoft.Composition (>= 1.0.27)
    Microsoft.Composition (1.0.30)

GROUP Analyzers
NUGET
  remote: http://api.nuget.org/v3/index.json
    AsyncUsageAnalyzers (1.0.0-alpha003)
    StyleCop.Analyzers (1.0)

GROUP Test
FRAMEWORK: NET45
NUGET
  remote: http://api.nuget.org/v3/index.json
    NUnit (3.4.1)
