FRAMEWORK: NET46
NUGET
  remote: http://api.nuget.org/v3/index.json
    Microsoft.CodeAnalysis.Analyzers (1.1)
    Microsoft.CodeAnalysis.Common (2.0.0-beta3)
      Microsoft.CodeAnalysis.Analyzers (>= 1.1)
      System.AppContext (>= 4.1.0-rc3-24128-00)
      System.Collections (>= 4.0.11-rc3-24128-00)
      System.Collections.Concurrent (>= 4.0.12-rc3-24128-00)
      System.Collections.Immutable (>= 1.2.0-rc3-24128-00)
      System.Console (>= 4.0.0-rc3-24128-00)
      System.Diagnostics.Debug (>= 4.0.11-rc3-24128-00)
      System.Diagnostics.FileVersionInfo (>= 4.0.0-rc3-24128-00)
      System.Diagnostics.StackTrace (>= 4.0.1-rc3-24128-00)
      System.Diagnostics.Tools (>= 4.0.1-rc3-24128-00)
      System.Dynamic.Runtime (>= 4.0.11-rc3-24128-00)
      System.Globalization (>= 4.0.11-rc3-24128-00)
      System.IO.FileSystem (>= 4.0.1-rc3-24128-00)
      System.IO.FileSystem.Primitives (>= 4.0.1-rc3-24128-00)
      System.Linq (>= 4.1.0-rc3-24128-00)
      System.Linq.Expressions (>= 4.1.0-rc3-24128-00)
      System.Reflection (>= 4.1.0-rc3-24128-00)
      System.Reflection.Metadata (>= 1.3.0-rc3-24128-00)
      System.Reflection.Primitives (>= 4.0.1-rc3-24128-00)
      System.Resources.ResourceManager (>= 4.0.1-rc3-24128-00)
      System.Runtime (>= 4.1.0-rc3-24128-00)
      System.Runtime.Extensions (>= 4.1.0-rc3-24128-00)
      System.Runtime.Handles (>= 4.0.1-rc3-24128-00)
      System.Runtime.InteropServices (>= 4.1.0-rc3-24128-00)
      System.Runtime.Numerics (>= 4.0.1-rc3-24128-00)
      System.Security.Cryptography.Algorithms (>= 4.2.0-rc3-24128-00)
      System.Security.Cryptography.Encoding (>= 4.0.0-rc3-24128-00)
      System.Security.Cryptography.X509Certificates (>= 4.1.0-rc3-24128-00)
      System.Text.Encoding (>= 4.0.11-rc3-24128-00)
      System.Text.Encoding.CodePages (>= 4.0.1-rc3-24128-00)
      System.Text.Encoding.Extensions (>= 4.0.11-rc3-24128-00)
      System.Threading (>= 4.0.11-rc3-24128-00)
      System.Threading.Tasks (>= 4.0.11-rc3-24128-00)
      System.Threading.Tasks.Parallel (>= 4.0.1-rc3-24128-00)
      System.Threading.Thread (>= 4.0.0-rc3-24128-00)
      System.Xml.ReaderWriter (>= 4.0.11-rc3-24128-00)
      System.Xml.XDocument (>= 4.0.11-rc3-24128-00)
      System.Xml.XmlDocument (>= 4.0.1-rc3-24128-00)
      System.Xml.XPath.XDocument (>= 4.0.1-rc3-24128-00)
    Microsoft.CodeAnalysis.CSharp (2.0.0-beta3)
      Microsoft.CodeAnalysis.Common (2.0.0-beta3)
    Microsoft.CodeAnalysis.CSharp.Workspaces (2.0.0-beta3)
      Microsoft.CodeAnalysis.CSharp (2.0.0-beta3)
      Microsoft.CodeAnalysis.Workspaces.Common (2.0.0-beta3)
    Microsoft.CodeAnalysis.Workspaces.Common (2.0.0-beta3)
      Microsoft.CodeAnalysis.Common (2.0.0-beta3)
      Microsoft.Composition (>= 1.0.27)
    Microsoft.Composition (1.0.30)
    System.AppContext (4.1)
    System.Collections (4.0.11)
    System.Collections.Concurrent (4.0.12)
    System.Collections.Immutable (1.2)
    System.Console (4.0)
    System.Diagnostics.Debug (4.0.11)
    System.Diagnostics.FileVersionInfo (4.0)
    System.Diagnostics.StackTrace (4.0.1)
    System.Diagnostics.Tools (4.0.1)
    System.Dynamic.Runtime (4.0.11)
    System.Globalization (4.0.11)
    System.IO.FileSystem (4.0.1)
      System.IO.FileSystem.Primitives (>= 4.0.1)
    System.IO.FileSystem.Primitives (4.0.1)
    System.Linq (4.1)
    System.Linq.Expressions (4.1)
    System.Reflection (4.1)
    System.Reflection.Metadata (1.4.1-beta-24227-04)
      System.Collections.Immutable (>= 1.2)
    System.Reflection.Primitives (4.0.1)
    System.Resources.ResourceManager (4.0.1)
    System.Runtime (4.1)
    System.Runtime.Extensions (4.1)
    System.Runtime.Handles (4.0.1)
    System.Runtime.InteropServices (4.1)
    System.Runtime.Numerics (4.0.1)
    System.Security.Cryptography.Algorithms (4.2)
      System.Security.Cryptography.Primitives (>= 4.0)
    System.Security.Cryptography.Encoding (4.0)
    System.Security.Cryptography.Primitives (4.0)
    System.Security.Cryptography.X509Certificates (4.1)
      System.Security.Cryptography.Algorithms (>= 4.2)
      System.Security.Cryptography.Encoding (>= 4.0)
    System.Text.Encoding (4.0.11)
    System.Text.Encoding.CodePages (4.0.1)
    System.Text.Encoding.Extensions (4.0.11)
    System.Threading (4.0.11)
    System.Threading.Tasks (4.0.11)
    System.Threading.Tasks.Parallel (4.0.1)
    System.Threading.Thread (4.0)
    System.Xml.ReaderWriter (4.0.11)
    System.Xml.XDocument (4.0.11)
    System.Xml.XmlDocument (4.0.1)
    System.Xml.XPath (4.0.1)
    System.Xml.XPath.XDocument (4.0.1)
      System.Xml.XPath (>= 4.0.1)

GROUP Analyzers
NUGET
  remote: http://api.nuget.org/v3/index.json
    AsyncUsageAnalyzers (1.0.0-alpha003)
    StyleCop.Analyzers (1.0)

GROUP Test
NUGET
  remote: http://api.nuget.org/v3/index.json
    Microsoft.NETCore.Platforms (1.0.1) - framework: >= netstandard10
    Microsoft.NETCore.Targets (1.0.1) - framework: >= netstandard10
    Microsoft.Win32.Primitives (4.0.1) - framework: >= netstandard13
      Microsoft.NETCore.Platforms (>= 1.0.1) - framework: >= netstandard13
      Microsoft.NETCore.Targets (>= 1.0.1) - framework: >= netstandard13
      System.Runtime (>= 4.1) - framework: >= netstandard13
    NETStandard.Library (1.6) - framework: >= netstandard10
      Microsoft.NETCore.Platforms (>= 1.0.1) - framework: >= netstandard10
      Microsoft.Win32.Primitives (>= 4.0.1) - framework: >= net46, >= netstandard13
      System.AppContext (>= 4.1) - framework: >= net46, >= netstandard13
      System.Collections (>= 4.0.11) - framework: >= netstandard10
      System.Collections.Concurrent (>= 4.0.12) - framework: >= net45, >= netstandard11
      System.Console (>= 4.0) - framework: >= net46, >= netstandard13
      System.Diagnostics.Debug (>= 4.0.11) - framework: >= netstandard10
      System.Diagnostics.Tools (>= 4.0.1) - framework: >= netstandard10
      System.Diagnostics.Tracing (>= 4.1) - framework: >= net45, >= netstandard11
      System.Globalization (>= 4.0.11) - framework: >= netstandard10
      System.Globalization.Calendars (>= 4.0.1) - framework: >= net46, >= netstandard13
      System.IO (>= 4.1) - framework: >= netstandard10
      System.IO.Compression (>= 4.1) - framework: >= net45, >= netstandard11
      System.IO.Compression.ZipFile (>= 4.0.1) - framework: >= net46, >= netstandard13
      System.IO.FileSystem (>= 4.0.1) - framework: >= net46, >= netstandard13
      System.IO.FileSystem.Primitives (>= 4.0.1) - framework: >= net46, >= netstandard13
      System.Linq (>= 4.1) - framework: >= netstandard10
      System.Linq.Expressions (>= 4.1) - framework: >= netstandard10
      System.Net.Http (>= 4.1) - framework: >= net45, >= netstandard11
      System.Net.Primitives (>= 4.0.11) - framework: >= netstandard10
      System.Net.Sockets (>= 4.1) - framework: >= net46, >= netstandard13
      System.ObjectModel (>= 4.0.12) - framework: >= netstandard10
      System.Reflection (>= 4.1) - framework: >= netstandard10
      System.Reflection.Extensions (>= 4.0.1) - framework: >= netstandard10
      System.Reflection.Primitives (>= 4.0.1) - framework: >= netstandard10
      System.Resources.ResourceManager (>= 4.0.1) - framework: >= netstandard10
      System.Runtime (>= 4.1) - framework: >= netstandard10
      System.Runtime.Extensions (>= 4.1) - framework: >= netstandard10
      System.Runtime.Handles (>= 4.0.1) - framework: >= net46, >= netstandard13
      System.Runtime.InteropServices (>= 4.1) - framework: >= net45, >= netstandard11
      System.Runtime.InteropServices.RuntimeInformation (>= 4.0) - framework: >= net45, >= netstandard11
      System.Runtime.Numerics (>= 4.0.1) - framework: >= net45, >= netstandard11
      System.Security.Cryptography.Algorithms (>= 4.2) - framework: >= net46, >= netstandard13
      System.Security.Cryptography.Encoding (>= 4.0) - framework: >= net46, >= netstandard13
      System.Security.Cryptography.Primitives (>= 4.0) - framework: >= net46, >= netstandard13
      System.Security.Cryptography.X509Certificates (>= 4.1) - framework: >= net46, >= netstandard13
      System.Text.Encoding (>= 4.0.11) - framework: >= netstandard10
      System.Text.Encoding.Extensions (>= 4.0.11) - framework: >= netstandard10
      System.Text.RegularExpressions (>= 4.1) - framework: >= netstandard10
      System.Threading (>= 4.0.11) - framework: >= netstandard10
      System.Threading.Tasks (>= 4.0.11) - framework: >= netstandard10
      System.Threading.Timer (>= 4.0.1) - framework: >= net451, >= netstandard12
      System.Xml.ReaderWriter (>= 4.0.11) - framework: >= netstandard10
      System.Xml.XDocument (>= 4.0.11) - framework: >= netstandard10
    runtime.native.System (4.0) - framework: >= netstandard11
      Microsoft.NETCore.Platforms (>= 1.0.1)
      Microsoft.NETCore.Targets (>= 1.0.1)
    runtime.native.System.IO.Compression (4.1) - framework: >= netstandard13
      Microsoft.NETCore.Platforms (>= 1.0.1)
      Microsoft.NETCore.Targets (>= 1.0.1)
    runtime.native.System.Net.Http (4.0.1) - framework: >= netstandard16
      Microsoft.NETCore.Platforms (>= 1.0.1)
      Microsoft.NETCore.Targets (>= 1.0.1)
    runtime.native.System.Security.Cryptography (4.0) - framework: >= netstandard13
      Microsoft.NETCore.Platforms (>= 1.0.1)
      Microsoft.NETCore.Targets (>= 1.0.1)
    System.AppContext (4.1) - framework: >= netstandard13
      System.Runtime (>= 4.1) - framework: dnxcore50, netstandard13, >= netstandard16
    System.Buffers (4.0) - framework: >= netstandard13
      System.Diagnostics.Debug (>= 4.0.11) - framework: >= netstandard11
      System.Diagnostics.Tracing (>= 4.1) - framework: >= netstandard11
      System.Resources.ResourceManager (>= 4.0.1) - framework: >= netstandard11
      System.Runtime (>= 4.1) - framework: >= netstandard11
      System.Threading (>= 4.0.11) - framework: >= netstandard11
    System.Collections (4.0.11) - framework: >= netstandard10
      Microsoft.NETCore.Platforms (>= 1.0.1) - framework: dnxcore50, netstandard10, >= netstandard13
      Microsoft.NETCore.Targets (>= 1.0.1) - framework: dnxcore50, netstandard10, >= netstandard13
      System.Runtime (>= 4.1) - framework: dnxcore50, netstandard10, >= netstandard13
    System.Collections.Concurrent (4.0.12) - framework: >= netstandard11
      System.Collections (>= 4.0.11) - framework: dnxcore50, >= netstandard13
      System.Diagnostics.Debug (>= 4.0.11) - framework: dnxcore50, >= netstandard13
      System.Diagnostics.Tracing (>= 4.1) - framework: dnxcore50, >= netstandard13
      System.Globalization (>= 4.0.11) - framework: dnxcore50, >= netstandard13
      System.Reflection (>= 4.1) - framework: >= netstandard13
      System.Resources.ResourceManager (>= 4.0.1) - framework: dnxcore50, >= netstandard13
      System.Runtime (>= 4.1) - framework: dnxcore50, netstandard11, >= netstandard13
      System.Runtime.Extensions (>= 4.1) - framework: dnxcore50, >= netstandard13
      System.Threading (>= 4.0.11) - framework: dnxcore50, >= netstandard13
      System.Threading.Tasks (>= 4.0.11) - framework: dnxcore50, netstandard11, >= netstandard13
    System.Console (4.0) - framework: >= netstandard13
      Microsoft.NETCore.Platforms (>= 1.0.1) - framework: >= netstandard13
      Microsoft.NETCore.Targets (>= 1.0.1) - framework: >= netstandard13
      System.IO (>= 4.1) - framework: >= netstandard13
      System.Runtime (>= 4.1) - framework: >= netstandard13
      System.Text.Encoding (>= 4.0.11) - framework: >= netstandard13
    System.Diagnostics.Debug (4.0.11) - framework: >= netstandard10
      Microsoft.NETCore.Platforms (>= 1.0.1) - framework: dnxcore50, netstandard10, >= netstandard13
      Microsoft.NETCore.Targets (>= 1.0.1) - framework: dnxcore50, netstandard10, >= netstandard13
      System.Runtime (>= 4.1) - framework: dnxcore50, netstandard10, >= netstandard13
    System.Diagnostics.DiagnosticSource (4.0) - framework: netstandard13, >= netstandard16
      System.Collections (>= 4.0.11) - framework: netstandard11, >= netstandard13
      System.Diagnostics.Tracing (>= 4.1) - framework: netstandard11, >= netstandard13
      System.Reflection (>= 4.1) - framework: netstandard11, >= netstandard13
      System.Runtime (>= 4.1) - framework: netstandard11, >= netstandard13
      System.Threading (>= 4.0.11) - framework: netstandard11, >= netstandard13
    System.Diagnostics.Tools (4.0.1) - framework: >= netstandard10
      Microsoft.NETCore.Platforms (>= 1.0.1) - framework: dnxcore50, >= netstandard10
      Microsoft.NETCore.Targets (>= 1.0.1) - framework: dnxcore50, >= netstandard10
      System.Runtime (>= 4.1) - framework: dnxcore50, >= netstandard10
    System.Diagnostics.Tracing (4.1) - framework: >= netstandard11
      Microsoft.NETCore.Platforms (>= 1.0.1) - framework: dnxcore50, netstandard11, netstandard12, netstandard13, >= netstandard15
      Microsoft.NETCore.Targets (>= 1.0.1) - framework: dnxcore50, netstandard11, netstandard12, netstandard13, >= netstandard15
      System.Runtime (>= 4.1) - framework: dnxcore50, netstandard11, netstandard12, netstandard13, >= netstandard15
    System.Globalization (4.0.11) - framework: >= netstandard10
      Microsoft.NETCore.Platforms (>= 1.0.1) - framework: dnxcore50, netstandard10, >= netstandard13
      Microsoft.NETCore.Targets (>= 1.0.1) - framework: dnxcore50, netstandard10, >= netstandard13
      System.Runtime (>= 4.1) - framework: dnxcore50, netstandard10, >= netstandard13
    System.Globalization.Calendars (4.0.1) - framework: >= netstandard13
      Microsoft.NETCore.Platforms (>= 1.0.1) - framework: >= netstandard13
      Microsoft.NETCore.Targets (>= 1.0.1) - framework: >= netstandard13
      System.Globalization (>= 4.0.11) - framework: >= netstandard13
      System.Runtime (>= 4.1) - framework: >= netstandard13
    System.Globalization.Extensions (4.0.1) - framework: >= netstandard16
      Microsoft.NETCore.Platforms (>= 1.0.1) - framework: >= netstandard13
      System.Globalization (>= 4.0.11) - framework: >= netstandard13
      System.Resources.ResourceManager (>= 4.0.1) - framework: >= netstandard13
      System.Runtime (>= 4.1) - framework: >= netstandard13
      System.Runtime.Extensions (>= 4.1) - framework: >= netstandard13
      System.Runtime.InteropServices (>= 4.1) - framework: >= netstandard13
    System.IO (4.1) - framework: >= netstandard10
      Microsoft.NETCore.Platforms (>= 1.0.1) - framework: dnxcore50, netstandard10, netstandard13, >= netstandard15
      Microsoft.NETCore.Targets (>= 1.0.1) - framework: dnxcore50, netstandard10, netstandard13, >= netstandard15
      System.Runtime (>= 4.1) - framework: dnxcore50, netstandard10, netstandard13, >= netstandard15
      System.Text.Encoding (>= 4.0.11) - framework: dnxcore50, netstandard10, netstandard13, >= netstandard15
      System.Threading.Tasks (>= 4.0.11) - framework: dnxcore50, netstandard10, netstandard13, >= netstandard15
    System.IO.Compression (4.1) - framework: >= netstandard11
      Microsoft.NETCore.Platforms (>= 1.0.1) - framework: >= netstandard13
      runtime.native.System (>= 4.0) - framework: >= netstandard13
      runtime.native.System.IO.Compression (>= 4.1) - framework: >= netstandard13
      System.Collections (>= 4.0.11) - framework: >= netstandard13
      System.Diagnostics.Debug (>= 4.0.11) - framework: >= netstandard13
      System.IO (>= 4.1) - framework: dnxcore50, netstandard11, >= netstandard13
      System.Resources.ResourceManager (>= 4.0.1) - framework: >= netstandard13
      System.Runtime (>= 4.1) - framework: dnxcore50, netstandard11, >= netstandard13
      System.Runtime.Extensions (>= 4.1) - framework: >= netstandard13
      System.Runtime.Handles (>= 4.0.1) - framework: >= netstandard13
      System.Runtime.InteropServices (>= 4.1) - framework: >= netstandard13
      System.Text.Encoding (>= 4.0.11) - framework: dnxcore50, netstandard11, >= netstandard13
      System.Threading (>= 4.0.11) - framework: >= netstandard13
      System.Threading.Tasks (>= 4.0.11) - framework: dnxcore50, >= netstandard13
    System.IO.Compression.ZipFile (4.0.1) - framework: >= netstandard13
      System.Buffers (>= 4.0) - framework: >= netstandard13
      System.IO (>= 4.1) - framework: >= netstandard13
      System.IO.Compression (>= 4.1) - framework: >= netstandard13
      System.IO.FileSystem (>= 4.0.1) - framework: >= netstandard13
      System.IO.FileSystem.Primitives (>= 4.0.1) - framework: >= netstandard13
      System.Resources.ResourceManager (>= 4.0.1) - framework: >= netstandard13
      System.Runtime (>= 4.1) - framework: >= netstandard13
      System.Runtime.Extensions (>= 4.1) - framework: >= netstandard13
      System.Text.Encoding (>= 4.0.11) - framework: >= netstandard13
    System.IO.FileSystem (4.0.1) - framework: >= netstandard13
      Microsoft.NETCore.Platforms (>= 1.0.1) - framework: >= netstandard13
      Microsoft.NETCore.Targets (>= 1.0.1) - framework: >= netstandard13
      System.IO (>= 4.1) - framework: >= netstandard13
      System.IO.FileSystem.Primitives (>= 4.0.1) - framework: >= net46, >= netstandard13
      System.Runtime (>= 4.1) - framework: >= netstandard13
      System.Runtime.Handles (>= 4.0.1) - framework: >= netstandard13
      System.Text.Encoding (>= 4.0.11) - framework: >= netstandard13
      System.Threading.Tasks (>= 4.0.11) - framework: >= netstandard13
    System.IO.FileSystem.Primitives (4.0.1) - framework: >= netstandard13
      System.Runtime (>= 4.1) - framework: >= netstandard13
    System.Linq (4.1) - framework: >= netstandard10
      System.Collections (>= 4.0.11) - framework: dnxcore50, netstandard10, >= netstandard16
      System.Diagnostics.Debug (>= 4.0.11) - framework: dnxcore50, >= netstandard16
      System.Resources.ResourceManager (>= 4.0.1) - framework: dnxcore50, >= netstandard16
      System.Runtime (>= 4.1) - framework: dnxcore50, netstandard10, >= netstandard16
      System.Runtime.Extensions (>= 4.1) - framework: dnxcore50, >= netstandard16
    System.Linq.Expressions (4.1) - framework: >= netstandard10
      System.Collections (>= 4.0.11) - framework: dnxcore50, >= netstandard16
      System.Diagnostics.Debug (>= 4.0.11) - framework: dnxcore50, >= netstandard16
      System.Globalization (>= 4.0.11) - framework: dnxcore50, >= netstandard16
      System.IO (>= 4.1) - framework: dnxcore50, >= netstandard16
      System.Linq (>= 4.1) - framework: dnxcore50, >= netstandard16
      System.ObjectModel (>= 4.0.12) - framework: >= netstandard16
      System.Reflection (>= 4.1) - framework: dnxcore50, netstandard10, netstandard13, >= netstandard16
      System.Reflection.Emit (>= 4.0.1) - framework: >= netstandard16
      System.Reflection.Emit.ILGeneration (>= 4.0.1) - framework: dnxcore50, >= netstandard16
      System.Reflection.Emit.Lightweight (>= 4.0.1) - framework: dnxcore50, >= netstandard16
      System.Reflection.Extensions (>= 4.0.1) - framework: dnxcore50, >= netstandard16
      System.Reflection.Primitives (>= 4.0.1) - framework: dnxcore50, >= netstandard16
      System.Reflection.TypeExtensions (>= 4.1) - framework: dnxcore50, >= netstandard16
      System.Resources.ResourceManager (>= 4.0.1) - framework: dnxcore50, >= netstandard16
      System.Runtime (>= 4.1) - framework: dnxcore50, netstandard10, netstandard13, >= netstandard16
      System.Runtime.Extensions (>= 4.1) - framework: dnxcore50, >= netstandard16
      System.Threading (>= 4.0.11) - framework: dnxcore50, >= netstandard16
    System.Net.Http (4.1) - framework: >= netstandard11
      Microsoft.NETCore.Platforms (>= 1.0.1) - framework: dnxcore50, netstandard13, >= netstandard16
      Microsoft.Win32.Primitives (>= 4.0.1) - framework: >= net46, netstandard13
      runtime.native.System (>= 4.0) - framework: >= netstandard16
      runtime.native.System.Net.Http (>= 4.0.1) - framework: >= netstandard16
      runtime.native.System.Security.Cryptography (>= 4.0) - framework: >= netstandard16
      System.Collections (>= 4.0.11) - framework: dnxcore50, netstandard13, >= netstandard16
      System.Diagnostics.Debug (>= 4.0.11) - framework: dnxcore50, netstandard13, >= netstandard16
      System.Diagnostics.DiagnosticSource (>= 4.0) - framework: >= net46, dnxcore50, netstandard13, >= netstandard16
      System.Diagnostics.Tracing (>= 4.1) - framework: dnxcore50, netstandard13, >= netstandard16
      System.Globalization (>= 4.0.11) - framework: dnxcore50, netstandard13, >= netstandard16
      System.Globalization.Extensions (>= 4.0.1) - framework: >= netstandard16
      System.IO (>= 4.1) - framework: dnxcore50, netstandard11, netstandard13, >= netstandard16
      System.IO.Compression (>= 4.1) - framework: netstandard13
      System.IO.FileSystem (>= 4.0.1) - framework: >= netstandard16
      System.Net.Primitives (>= 4.0.11) - framework: dnxcore50, netstandard11, netstandard13, >= netstandard16
      System.Resources.ResourceManager (>= 4.0.1) - framework: dnxcore50, netstandard13, >= netstandard16
      System.Runtime (>= 4.1) - framework: dnxcore50, netstandard11, netstandard13, >= netstandard16
      System.Runtime.Extensions (>= 4.1) - framework: dnxcore50, netstandard13, >= netstandard16
      System.Runtime.Handles (>= 4.0.1) - framework: netstandard13, >= netstandard16
      System.Runtime.InteropServices (>= 4.1) - framework: dnxcore50, netstandard13, >= netstandard16
      System.Security.Cryptography.Algorithms (>= 4.2) - framework: >= netstandard16
      System.Security.Cryptography.Encoding (>= 4.0) - framework: >= netstandard16
      System.Security.Cryptography.OpenSsl (>= 4.0) - framework: >= netstandard16
      System.Security.Cryptography.Primitives (>= 4.0) - framework: >= netstandard16
      System.Security.Cryptography.X509Certificates (>= 4.1) - framework: >= net46, dnxcore50, netstandard13, >= netstandard16
      System.Text.Encoding (>= 4.0.11) - framework: dnxcore50, netstandard11, netstandard13, >= netstandard16
      System.Threading (>= 4.0.11) - framework: dnxcore50, netstandard13, >= netstandard16
      System.Threading.Tasks (>= 4.0.11) - framework: dnxcore50, netstandard11, netstandard13, >= netstandard16
    System.Net.Primitives (4.0.11) - framework: >= netstandard10
      Microsoft.NETCore.Platforms (>= 1.0.1) - framework: dnxcore50, netstandard10, netstandard11, >= netstandard13
      Microsoft.NETCore.Targets (>= 1.0.1) - framework: dnxcore50, netstandard10, netstandard11, >= netstandard13
      System.Runtime (>= 4.1) - framework: dnxcore50, netstandard10, netstandard11, >= netstandard13
      System.Runtime.Handles (>= 4.0.1) - framework: dnxcore50, >= netstandard13
    System.Net.Sockets (4.1) - framework: >= netstandard13
      Microsoft.NETCore.Platforms (>= 1.0.1) - framework: >= netstandard13
      Microsoft.NETCore.Targets (>= 1.0.1) - framework: >= netstandard13
      System.IO (>= 4.1) - framework: >= netstandard13
      System.Net.Primitives (>= 4.0.11) - framework: >= netstandard13
      System.Runtime (>= 4.1) - framework: >= netstandard13
      System.Threading.Tasks (>= 4.0.11) - framework: >= netstandard13
    System.ObjectModel (4.0.12) - framework: >= netstandard10
      System.Collections (>= 4.0.11) - framework: dnxcore50, >= netstandard13
      System.Diagnostics.Debug (>= 4.0.11) - framework: dnxcore50, >= netstandard13
      System.Resources.ResourceManager (>= 4.0.1) - framework: dnxcore50, >= netstandard13
      System.Runtime (>= 4.1) - framework: dnxcore50, netstandard10, >= netstandard13
      System.Threading (>= 4.0.11) - framework: dnxcore50, >= netstandard13
    System.Reflection (4.1) - framework: >= netstandard10
      Microsoft.NETCore.Platforms (>= 1.0.1) - framework: dnxcore50, netstandard10, netstandard13, >= netstandard15
      Microsoft.NETCore.Targets (>= 1.0.1) - framework: dnxcore50, netstandard10, netstandard13, >= netstandard15
      System.IO (>= 4.1) - framework: dnxcore50, netstandard10, netstandard13, >= netstandard15
      System.Reflection.Primitives (>= 4.0.1) - framework: dnxcore50, netstandard10, netstandard13, >= netstandard15
      System.Runtime (>= 4.1) - framework: dnxcore50, netstandard10, netstandard13, >= netstandard15
    System.Reflection.Emit (4.0.1) - framework: >= netstandard16
      System.IO (>= 4.1) - framework: >= netstandard11
      System.Reflection (>= 4.1) - framework: >= netstandard11
      System.Reflection.Emit.ILGeneration (>= 4.0.1) - framework: >= netstandard11, monotouch, xamarinios
      System.Reflection.Primitives (>= 4.0.1) - framework: >= netstandard11
      System.Runtime (>= 4.1) - framework: >= netstandard11
    System.Reflection.Emit.ILGeneration (4.0.1) - framework: >= netstandard16
      System.Reflection (>= 4.1) - framework: >= netstandard10
      System.Reflection.Primitives (>= 4.0.1) - framework: >= netstandard10
      System.Runtime (>= 4.1) - framework: >= netstandard10
    System.Reflection.Emit.Lightweight (4.0.1) - framework: >= netstandard16
      System.Reflection (>= 4.1) - framework: >= netstandard10
      System.Reflection.Emit.ILGeneration (>= 4.0.1) - framework: >= netstandard10, monoandroid, monotouch, xamarinios, xamarinmac
      System.Reflection.Primitives (>= 4.0.1) - framework: >= netstandard10
      System.Runtime (>= 4.1) - framework: >= netstandard10
    System.Reflection.Extensions (4.0.1) - framework: >= netstandard10
      Microsoft.NETCore.Platforms (>= 1.0.1) - framework: dnxcore50, >= netstandard10
      Microsoft.NETCore.Targets (>= 1.0.1) - framework: dnxcore50, >= netstandard10
      System.Reflection (>= 4.1) - framework: dnxcore50, >= netstandard10
      System.Runtime (>= 4.1) - framework: dnxcore50, >= netstandard10
    System.Reflection.Primitives (4.0.1) - framework: >= netstandard10
      Microsoft.NETCore.Platforms (>= 1.0.1) - framework: dnxcore50, >= netstandard10
      Microsoft.NETCore.Targets (>= 1.0.1) - framework: dnxcore50, >= netstandard10
      System.Runtime (>= 4.1) - framework: dnxcore50, >= netstandard10
    System.Reflection.TypeExtensions (4.1) - framework: >= netstandard16
      System.Reflection (>= 4.1) - framework: >= net462, dnxcore50, netstandard13, >= netstandard15
      System.Runtime (>= 4.1) - framework: dnxcore50, netstandard13, >= netstandard15
    System.Resources.ResourceManager (4.0.1) - framework: >= netstandard10
      Microsoft.NETCore.Platforms (>= 1.0.1) - framework: dnxcore50, >= netstandard10
      Microsoft.NETCore.Targets (>= 1.0.1) - framework: dnxcore50, >= netstandard10
      System.Globalization (>= 4.0.11) - framework: dnxcore50, >= netstandard10
      System.Reflection (>= 4.1) - framework: dnxcore50, >= netstandard10
      System.Runtime (>= 4.1) - framework: dnxcore50, >= netstandard10
    System.Runtime (4.1) - framework: >= netstandard10
      Microsoft.NETCore.Platforms (>= 1.0.1) - framework: dnxcore50, netstandard10, netstandard12, netstandard13, >= netstandard15
      Microsoft.NETCore.Targets (>= 1.0.1) - framework: dnxcore50, netstandard10, netstandard12, netstandard13, >= netstandard15
    System.Runtime.Extensions (4.1) - framework: >= netstandard10
      Microsoft.NETCore.Platforms (>= 1.0.1) - framework: dnxcore50, netstandard10, netstandard13, >= netstandard15
      Microsoft.NETCore.Targets (>= 1.0.1) - framework: dnxcore50, netstandard10, netstandard13, >= netstandard15
      System.Runtime (>= 4.1) - framework: dnxcore50, netstandard10, netstandard13, >= netstandard15
    System.Runtime.Handles (4.0.1) - framework: >= netstandard13
      Microsoft.NETCore.Platforms (>= 1.0.1) - framework: >= netstandard13
      Microsoft.NETCore.Targets (>= 1.0.1) - framework: >= netstandard13
      System.Runtime (>= 4.1) - framework: >= netstandard13
    System.Runtime.InteropServices (4.1) - framework: >= netstandard11
      Microsoft.NETCore.Platforms (>= 1.0.1) - framework: dnxcore50, netstandard11, netstandard12, netstandard13, >= netstandard15
      Microsoft.NETCore.Targets (>= 1.0.1) - framework: dnxcore50, netstandard11, netstandard12, netstandard13, >= netstandard15
      System.Reflection (>= 4.1) - framework: dnxcore50, netstandard11, netstandard12, netstandard13, >= netstandard15
      System.Reflection.Primitives (>= 4.0.1) - framework: dnxcore50, netstandard11, netstandard12, netstandard13, >= netstandard15
      System.Runtime (>= 4.1) - framework: >= net462, dnxcore50, netstandard11, netstandard12, netstandard13, >= netstandard15
      System.Runtime.Handles (>= 4.0.1) - framework: dnxcore50, netstandard13, >= netstandard15
    System.Runtime.InteropServices.RuntimeInformation (4.0) - framework: >= netstandard11
      Microsoft.NETCore.Platforms (>= 1.0.1) - framework: dnxcore50, >= netstandard11
      runtime.native.System (>= 4.0) - framework: >= netstandard11
      System.Reflection (>= 4.1) - framework: dnxcore50, >= netstandard11
      System.Resources.ResourceManager (>= 4.0.1) - framework: dnxcore50, >= netstandard11
      System.Runtime (>= 4.1) - framework: dnxcore50, >= netstandard11
      System.Runtime.InteropServices (>= 4.1) - framework: >= netstandard11
      System.Threading (>= 4.0.11) - framework: dnxcore50, >= netstandard11
    System.Runtime.Numerics (4.0.1) - framework: >= netstandard11
      System.Globalization (>= 4.0.11) - framework: dnxcore50, >= netstandard13
      System.Resources.ResourceManager (>= 4.0.1) - framework: dnxcore50, >= netstandard13
      System.Runtime (>= 4.1) - framework: dnxcore50, netstandard11, >= netstandard13
      System.Runtime.Extensions (>= 4.1) - framework: dnxcore50, >= netstandard13
    System.Security.Cryptography.Algorithms (4.2) - framework: >= netstandard13
      Microsoft.NETCore.Platforms (>= 1.0.1) - framework: dnxcore50, >= netstandard16
      runtime.native.System.Security.Cryptography (>= 4.0) - framework: >= netstandard16
      System.Collections (>= 4.0.11) - framework: >= netstandard16
      System.IO (>= 4.1) - framework: >= net463, dnxcore50, netstandard13, netstandard14, >= netstandard16
      System.Resources.ResourceManager (>= 4.0.1) - framework: dnxcore50, >= netstandard16
      System.Runtime (>= 4.1) - framework: >= net463, dnxcore50, netstandard13, netstandard14, >= netstandard16
      System.Runtime.Extensions (>= 4.1) - framework: dnxcore50, >= netstandard16
      System.Runtime.Handles (>= 4.0.1) - framework: dnxcore50, >= netstandard16
      System.Runtime.InteropServices (>= 4.1) - framework: dnxcore50, >= netstandard16
      System.Runtime.Numerics (>= 4.0.1) - framework: >= netstandard16
      System.Security.Cryptography.Encoding (>= 4.0) - framework: >= net463, dnxcore50, >= netstandard16
      System.Security.Cryptography.Primitives (>= 4.0) - framework: net46, net461, >= net463, dnxcore50, netstandard13, netstandard14, >= netstandard16
      System.Text.Encoding (>= 4.0.11) - framework: dnxcore50, >= netstandard16
    System.Security.Cryptography.Cng (4.2) - framework: >= netstandard16
      Microsoft.NETCore.Platforms (>= 1.0.1) - framework: netstandard14, >= netstandard16
      System.IO (>= 4.1) - framework: netstandard13, netstandard14, >= netstandard16
      System.Resources.ResourceManager (>= 4.0.1) - framework: netstandard14, >= netstandard16
      System.Runtime (>= 4.1) - framework: netstandard13, netstandard14, >= netstandard16
      System.Runtime.Extensions (>= 4.1) - framework: netstandard14, >= netstandard16
      System.Runtime.Handles (>= 4.0.1) - framework: netstandard13, netstandard14, >= netstandard16
      System.Runtime.InteropServices (>= 4.1) - framework: netstandard14, >= netstandard16
      System.Security.Cryptography.Algorithms (>= 4.2) - framework: net46, net461, >= net463, netstandard13, netstandard14, >= netstandard16
      System.Security.Cryptography.Encoding (>= 4.0) - framework: netstandard14, >= netstandard16
      System.Security.Cryptography.Primitives (>= 4.0) - framework: net46, net461, >= net463, netstandard13, netstandard14, >= netstandard16
      System.Text.Encoding (>= 4.0.11) - framework: netstandard14, >= netstandard16
    System.Security.Cryptography.Csp (4.0) - framework: >= netstandard16
      Microsoft.NETCore.Platforms (>= 1.0.1) - framework: >= netstandard13
      System.IO (>= 4.1) - framework: >= netstandard13
      System.Reflection (>= 4.1) - framework: >= netstandard13
      System.Resources.ResourceManager (>= 4.0.1) - framework: >= netstandard13
      System.Runtime (>= 4.1) - framework: >= netstandard13
      System.Runtime.Extensions (>= 4.1) - framework: >= netstandard13
      System.Runtime.Handles (>= 4.0.1) - framework: >= netstandard13
      System.Runtime.InteropServices (>= 4.1) - framework: >= netstandard13
      System.Security.Cryptography.Algorithms (>= 4.2) - framework: >= net46, >= netstandard13
      System.Security.Cryptography.Encoding (>= 4.0) - framework: >= netstandard13
      System.Security.Cryptography.Primitives (>= 4.0) - framework: >= net46, >= netstandard13
      System.Text.Encoding (>= 4.0.11) - framework: >= netstandard13
      System.Threading (>= 4.0.11) - framework: >= netstandard13
    System.Security.Cryptography.Encoding (4.0) - framework: >= netstandard13
      Microsoft.NETCore.Platforms (>= 1.0.1) - framework: >= netstandard13
      runtime.native.System.Security.Cryptography (>= 4.0) - framework: >= netstandard13
      System.Collections (>= 4.0.11) - framework: >= netstandard13
      System.Collections.Concurrent (>= 4.0.12) - framework: >= netstandard13
      System.Linq (>= 4.1) - framework: >= netstandard13
      System.Resources.ResourceManager (>= 4.0.1) - framework: >= netstandard13
      System.Runtime (>= 4.1) - framework: >= netstandard13
      System.Runtime.Extensions (>= 4.1) - framework: >= netstandard13
      System.Runtime.Handles (>= 4.0.1) - framework: >= netstandard13
      System.Runtime.InteropServices (>= 4.1) - framework: >= netstandard13
      System.Security.Cryptography.Primitives (>= 4.0) - framework: >= netstandard13
      System.Text.Encoding (>= 4.0.11) - framework: >= netstandard13
    System.Security.Cryptography.OpenSsl (4.0) - framework: >= netstandard16
      runtime.native.System.Security.Cryptography (>= 4.0)
      System.Collections (>= 4.0.11) - framework: >= netstandard16
      System.IO (>= 4.1) - framework: >= netstandard16
      System.Resources.ResourceManager (>= 4.0.1) - framework: >= netstandard16
      System.Runtime (>= 4.1) - framework: >= netstandard16
      System.Runtime.Extensions (>= 4.1) - framework: >= net463, >= netstandard16
      System.Runtime.Handles (>= 4.0.1) - framework: >= netstandard16
      System.Runtime.InteropServices (>= 4.1) - framework: >= netstandard16
      System.Runtime.Numerics (>= 4.0.1) - framework: >= netstandard16
      System.Security.Cryptography.Algorithms (>= 4.2) - framework: >= net463, >= netstandard16
      System.Security.Cryptography.Encoding (>= 4.0) - framework: >= net463, >= netstandard16
      System.Security.Cryptography.Primitives (>= 4.0) - framework: >= net463, >= netstandard16
      System.Text.Encoding (>= 4.0.11) - framework: >= netstandard16
    System.Security.Cryptography.Primitives (4.0) - framework: >= netstandard13
      System.Diagnostics.Debug (>= 4.0.11) - framework: >= netstandard13
      System.Globalization (>= 4.0.11) - framework: >= netstandard13
      System.IO (>= 4.1) - framework: >= netstandard13
      System.Resources.ResourceManager (>= 4.0.1) - framework: >= netstandard13
      System.Runtime (>= 4.1) - framework: >= netstandard13
      System.Threading (>= 4.0.11) - framework: >= netstandard13
      System.Threading.Tasks (>= 4.0.11) - framework: >= netstandard13
    System.Security.Cryptography.X509Certificates (4.1) - framework: >= netstandard13
      Microsoft.NETCore.Platforms (>= 1.0.1) - framework: dnxcore50, >= netstandard16
      runtime.native.System (>= 4.0) - framework: >= netstandard16
      runtime.native.System.Net.Http (>= 4.0.1) - framework: >= netstandard16
      runtime.native.System.Security.Cryptography (>= 4.0) - framework: >= netstandard16
      System.Collections (>= 4.0.11) - framework: dnxcore50, >= netstandard16
      System.Diagnostics.Debug (>= 4.0.11) - framework: >= netstandard16
      System.Globalization (>= 4.0.11) - framework: dnxcore50, >= netstandard16
      System.Globalization.Calendars (>= 4.0.1) - framework: dnxcore50, >= netstandard16
      System.IO (>= 4.1) - framework: dnxcore50, >= netstandard16
      System.IO.FileSystem (>= 4.0.1) - framework: dnxcore50, >= netstandard16
      System.IO.FileSystem.Primitives (>= 4.0.1) - framework: >= netstandard16
      System.Resources.ResourceManager (>= 4.0.1) - framework: dnxcore50, >= netstandard16
      System.Runtime (>= 4.1) - framework: dnxcore50, netstandard13, netstandard14, >= netstandard16
      System.Runtime.Extensions (>= 4.1) - framework: dnxcore50, >= netstandard16
      System.Runtime.Handles (>= 4.0.1) - framework: dnxcore50, netstandard13, netstandard14, >= netstandard16
      System.Runtime.InteropServices (>= 4.1) - framework: dnxcore50, >= netstandard16
      System.Runtime.Numerics (>= 4.0.1) - framework: dnxcore50, >= netstandard16
      System.Security.Cryptography.Algorithms (>= 4.2) - framework: net46, >= net461, dnxcore50, netstandard13, netstandard14, >= netstandard16
      System.Security.Cryptography.Cng (>= 4.2) - framework: dnxcore50, >= netstandard16
      System.Security.Cryptography.Csp (>= 4.0) - framework: >= netstandard16
      System.Security.Cryptography.Encoding (>= 4.0) - framework: net46, >= net461, dnxcore50, netstandard13, netstandard14, >= netstandard16
      System.Security.Cryptography.OpenSsl (>= 4.0) - framework: >= netstandard16
      System.Security.Cryptography.Primitives (>= 4.0) - framework: dnxcore50, >= netstandard16
      System.Text.Encoding (>= 4.0.11) - framework: dnxcore50, >= netstandard16
      System.Threading (>= 4.0.11) - framework: dnxcore50, >= netstandard16
    System.Text.Encoding (4.0.11) - framework: >= netstandard10
      Microsoft.NETCore.Platforms (>= 1.0.1) - framework: dnxcore50, netstandard10, >= netstandard13
      Microsoft.NETCore.Targets (>= 1.0.1) - framework: dnxcore50, netstandard10, >= netstandard13
      System.Runtime (>= 4.1) - framework: dnxcore50, netstandard10, >= netstandard13
    System.Text.Encoding.Extensions (4.0.11) - framework: >= netstandard10
      Microsoft.NETCore.Platforms (>= 1.0.1) - framework: dnxcore50, netstandard10, >= netstandard13
      Microsoft.NETCore.Targets (>= 1.0.1) - framework: dnxcore50, netstandard10, >= netstandard13
      System.Runtime (>= 4.1) - framework: dnxcore50, netstandard10, >= netstandard13
      System.Text.Encoding (>= 4.0.11) - framework: dnxcore50, netstandard10, >= netstandard13
    System.Text.RegularExpressions (4.1) - framework: >= netstandard10
      System.Collections (>= 4.0.11) - framework: dnxcore50, >= netstandard16
      System.Globalization (>= 4.0.11) - framework: dnxcore50, >= netstandard16
      System.Resources.ResourceManager (>= 4.0.1) - framework: dnxcore50, >= netstandard16
      System.Runtime (>= 4.1) - framework: dnxcore50, netstandard10, netstandard13, >= netstandard16
      System.Runtime.Extensions (>= 4.1) - framework: dnxcore50, >= netstandard16
      System.Threading (>= 4.0.11) - framework: dnxcore50, >= netstandard16
    System.Threading (4.0.11) - framework: >= netstandard10
      System.Runtime (>= 4.1) - framework: dnxcore50, netstandard10, >= netstandard13
      System.Threading.Tasks (>= 4.0.11) - framework: dnxcore50, netstandard10, >= netstandard13
    System.Threading.Tasks (4.0.11) - framework: >= netstandard10
      Microsoft.NETCore.Platforms (>= 1.0.1) - framework: dnxcore50, netstandard10, >= netstandard13
      Microsoft.NETCore.Targets (>= 1.0.1) - framework: dnxcore50, netstandard10, >= netstandard13
      System.Runtime (>= 4.1) - framework: dnxcore50, netstandard10, >= netstandard13
    System.Threading.Tasks.Extensions (4.0) - framework: >= netstandard13
      System.Collections (>= 4.0.11) - framework: >= netstandard10
      System.Runtime (>= 4.1) - framework: >= netstandard10
      System.Threading.Tasks (>= 4.0.11) - framework: >= netstandard10
    System.Threading.Timer (4.0.1) - framework: >= netstandard12
      Microsoft.NETCore.Platforms (>= 1.0.1) - framework: dnxcore50, >= netstandard12
      Microsoft.NETCore.Targets (>= 1.0.1) - framework: dnxcore50, >= netstandard12
      System.Runtime (>= 4.1) - framework: dnxcore50, >= netstandard12
    System.Xml.ReaderWriter (4.0.11) - framework: >= netstandard10
      System.Collections (>= 4.0.11) - framework: dnxcore50, >= netstandard13
      System.Diagnostics.Debug (>= 4.0.11) - framework: dnxcore50, >= netstandard13
      System.Globalization (>= 4.0.11) - framework: dnxcore50, >= netstandard13
      System.IO (>= 4.1) - framework: dnxcore50, netstandard10, >= netstandard13
      System.IO.FileSystem (>= 4.0.1) - framework: dnxcore50, >= netstandard13
      System.IO.FileSystem.Primitives (>= 4.0.1) - framework: dnxcore50, >= netstandard13
      System.Resources.ResourceManager (>= 4.0.1) - framework: dnxcore50, >= netstandard13
      System.Runtime (>= 4.1) - framework: dnxcore50, netstandard10, >= netstandard13
      System.Runtime.Extensions (>= 4.1) - framework: dnxcore50, >= netstandard13
      System.Runtime.InteropServices (>= 4.1) - framework: dnxcore50, >= netstandard13
      System.Text.Encoding (>= 4.0.11) - framework: dnxcore50, netstandard10, >= netstandard13
      System.Text.Encoding.Extensions (>= 4.0.11) - framework: dnxcore50, >= netstandard13
      System.Text.RegularExpressions (>= 4.1) - framework: dnxcore50, >= netstandard13
      System.Threading.Tasks (>= 4.0.11) - framework: dnxcore50, netstandard10, >= netstandard13
      System.Threading.Tasks.Extensions (>= 4.0) - framework: dnxcore50, >= netstandard13
    System.Xml.XDocument (4.0.11) - framework: >= netstandard10
      System.Collections (>= 4.0.11) - framework: dnxcore50, >= netstandard13
      System.Diagnostics.Debug (>= 4.0.11) - framework: dnxcore50, >= netstandard13
      System.Diagnostics.Tools (>= 4.0.1) - framework: dnxcore50, >= netstandard13
      System.Globalization (>= 4.0.11) - framework: dnxcore50, >= netstandard13
      System.IO (>= 4.1) - framework: dnxcore50, netstandard10, >= netstandard13
      System.Reflection (>= 4.1) - framework: dnxcore50, >= netstandard13
      System.Resources.ResourceManager (>= 4.0.1) - framework: dnxcore50, >= netstandard13
      System.Runtime (>= 4.1) - framework: dnxcore50, netstandard10, >= netstandard13
      System.Runtime.Extensions (>= 4.1) - framework: dnxcore50, >= netstandard13
      System.Text.Encoding (>= 4.0.11) - framework: dnxcore50, >= netstandard13
      System.Threading (>= 4.0.11) - framework: dnxcore50, >= netstandard13
      System.Xml.ReaderWriter (>= 4.0.11) - framework: dnxcore50, netstandard10, >= netstandard13
    xunit (2.2.0-beta2-build3300)
      xunit.assert (2.2.0-beta2-build3300)
      xunit.core (2.2.0-beta2-build3300)
    xunit.abstractions (2.0.1) - framework: >= netstandard10, portable-net45+win8+wp8+wpa81
      NETStandard.Library (>= 1.6) - framework: >= netstandard10
    xunit.assert (2.2.0-beta2-build3300)
      NETStandard.Library (>= 1.6) - framework: >= netstandard10
    xunit.core (2.2.0-beta2-build3300)
      xunit.extensibility.core (2.2.0-beta2-build3300)
      xunit.extensibility.execution (2.2.0-beta2-build3300)
    xunit.extensibility.core (2.2.0-beta2-build3300)
      NETStandard.Library (>= 1.6) - framework: >= netstandard10
      xunit.abstractions (>= 2.0.1-rc2) - framework: >= netstandard10, portable-net45+win8+wp8+wpa81
    xunit.extensibility.execution (2.2.0-beta2-build3300)
      NETStandard.Library (>= 1.6) - framework: >= netstandard10
      xunit.extensibility.core (2.2.0-beta2-build3300) - framework: >= netstandard10, portable-net45+win8+wp8+wpa81
    xunit.runner.visualstudio (2.2.0-beta2-build1149)
